PATH
  remote: .
  specs:
    event_sourced (0.1.0)
      activesupport (~> 5.2.1)
      dry-validation (~> 0.12)
      mongo (~> 2.6.2)

GEM
  remote: https://rubygems.org/
  specs:
    activesupport (5.2.3)
      concurrent-ruby (~> 1.0, >= 1.0.2)
      i18n (>= 0.7, < 2)
      minitest (~> 5.1)
      tzinfo (~> 1.1)
    ansi (1.5.0)
    awesome_print (1.8.0)
    bson (4.4.2)
    builder (3.2.3)
    coderay (1.1.2)
    concurrent-ruby (1.1.5)
    dry-configurable (0.8.2)
      concurrent-ruby (~> 1.0)
      dry-core (~> 0.4, >= 0.4.7)
    dry-container (0.7.0)
      concurrent-ruby (~> 1.0)
      dry-configurable (~> 0.1, >= 0.1.3)
    dry-core (0.4.7)
      concurrent-ruby (~> 1.0)
    dry-equalizer (0.2.2)
    dry-inflector (0.1.2)
    dry-logic (0.6.1)
      concurrent-ruby (~> 1.0)
      dry-core (~> 0.2)
      dry-equalizer (~> 0.2)
    dry-types (0.14.1)
      concurrent-ruby (~> 1.0)
      dry-container (~> 0.3)
      dry-core (~> 0.4, >= 0.4.4)
      dry-equalizer (~> 0.2)
      dry-inflector (~> 0.1, >= 0.1.2)
      dry-logic (~> 0.5, >= 0.5)
    dry-validation (0.13.1)
      concurrent-ruby (~> 1.0)
      dry-configurable (~> 0.1, >= 0.1.3)
      dry-core (~> 0.2, >= 0.2.1)
      dry-equalizer (~> 0.2)
      dry-logic (~> 0.5, >= 0.5.0)
      dry-types (~> 0.14.0)
    i18n (1.6.0)
      concurrent-ruby (~> 1.0)
    method_source (0.9.2)
    minitest (5.11.3)
    minitest-proveit (1.0.0)
      minitest (> 5, < 7)
    minitest-reporters (1.3.6)
      ansi
      builder
      minitest (>= 5.0)
      ruby-progressbar
    mongo (2.6.4)
      bson (>= 4.3.0, < 5.0.0)
    pry (0.12.2)
      coderay (~> 1.1.0)
      method_source (~> 0.9.0)
    rake (10.5.0)
    redis (4.1.2)
    ruby-progressbar (1.10.0)
    semantic_logger (4.5.0)
      concurrent-ruby (~> 1.0)
    thread_safe (0.3.6)
    tzinfo (1.2.5)
      thread_safe (~> 0.1)
    zache (0.12.0)

PLATFORMS
  ruby
  x64-mingw32

DEPENDENCIES
  awesome_print (~> 1.8.0)
  bundler (~> 2.0.1)
  event_sourced!
  minitest (~> 5.0)
  minitest-proveit (~> 1.0.0)
  minitest-reporters (~> 1.3.5)
  pry (~> 0.12)
  rake (~> 10.0)
  redis (~> 4.1.2)
  semantic_logger (~> 4.5.0)
  zache (~> 0.12.0)

BUNDLED WITH
   2.0.2
